PATH
  remote: .
  specs:
    springedge-sms (0.1.0)

GEM
  remote: https://rubygems.org/
  specs:
    rake (13.0.3)

PLATFORMS
  ruby

DEPENDENCIES
  bundler (~> 1.11)
  rake (~> 13.0)
  springedge-sms!

BUNDLED WITH
   1.16.5
