PATH
  remote: .
  specs:
    springedge-sms (0.1.0)

GEM
  remote: https://rubygems.org/
  specs:
    rake (10.5.0)

PLATFORMS
  ruby

DEPENDENCIES
  bundler (~> 1.11)
  rake (~> 10.0)
  springedge-sms!

BUNDLED WITH
   1.16.5
